GEM
  remote: http://rubygems.org/
  specs:
    actionmailer (2.3.14)
      actionpack (= 2.3.14)
    actionpack (2.3.14)
      activesupport (= 2.3.14)
      rack (~> 1.1.0)
    activerecord (2.3.14)
      activesupport (= 2.3.14)
    activeresource (2.3.14)
      activesupport (= 2.3.14)
    activesupport (2.3.14)
    columnize (0.3.5)
    highline (1.6.8)
    i18n (0.4.2)
    json (1.6.2)
    linecache (0.46)
      rbx-require-relative (> 0.0.4)
    lockfile (2.1.0)
    metaclass (0.0.1)
    mocha (0.10.0)
      metaclass (~> 0.0.1)
    nokogiri (1.5.0)
    rack (1.1.2)
    rack-pjax (0.5.3)
      nokogiri (~> 1.5.0)
      rack (> 1.0)
    rails (2.3.14)
      actionmailer (= 2.3.14)
      actionpack (= 2.3.14)
      activerecord (= 2.3.14)
      activeresource (= 2.3.14)
      activesupport (= 2.3.14)
      rake (>= 0.8.3)
    rake (0.9.2.2)
    rbx-require-relative (0.0.5)
    rdoc (3.11)
      json (~> 1.4)
    ruby-debug (0.10.4)
      columnize (>= 0.1)
      ruby-debug-base (~> 0.10.4.0)
    ruby-debug-base (0.10.4)
      linecache (>= 0.3)
    sqlite3 (1.3.4)
    ya2yaml (0.30)

PLATFORMS
  ruby

DEPENDENCIES
  activerecord-jdbc-adapter (~> 1.1.1)
  ffi-ncurses (~> 0.3.3)
  highline (>= 1.5.2)
  i18n (< 0.5.0)
  jdbc-sqlite3
  jruby-openssl (~> 0.7.3)
  lockfile (>= 1.4.3)
  mocha (>= 0.9.8)
  rack-pjax
  rails (= 2.3.14)
  rdoc (>= 2.4.2)
  ruby-debug
  sqlite3
  ya2yaml (>= 0.2.6)
